GEM
  remote: http://rubygems.org/
  specs:
    chronic (0.3.0)
    highline (1.6.1)
    json (1.5.1)
    mechanize (1.0.0)
      nokogiri (>= 1.2.1)
    nokogiri (1.4.4)

PLATFORMS
  ruby

DEPENDENCIES
  chronic
  highline
  json
  mechanize
  nokogiri
